GEM
  remote: https://rubygems.org/
  specs:
    activesupport (4.2.0)
      i18n (~> 0.7)
      json (~> 1.7, >= 1.7.7)
      minitest (~> 5.1)
      thread_safe (~> 0.3, >= 0.3.4)
      tzinfo (~> 1.1)
    ast (2.0.0)
    capybara (2.3.0)
      mime-types (>= 1.16)
      nokogiri (>= 1.3.3)
      rack (>= 1.0.0)
      rack-test (>= 0.5.4)
      xpath (~> 2.0)
    capypage (0.2.7)
      activesupport (>= 3.0.0)
      capybara (~> 2.3.0)
    childprocess (0.5.5)
      ffi (~> 1.0, >= 1.0.11)
    ffi (1.9.6)
    gauge-ruby (0.0.5)
      method_source (~> 0.8.2)
      os (= 0.9.6)
      parser (~> 2.2)
      ruby-protocol-buffers (= 1.5.1)
    i18n (0.7.0)
    json (1.8.2)
    method_source (0.8.2)
    mime-types (2.4.3)
    mini_portile2 (2.5.1)
    minitest (5.5.1)
    multi_json (1.10.1)
    nokogiri (1.11.5)
      mini_portile2 (~> 2.5.0)
      racc (~> 1.4)
    os (0.9.6)
    parser (2.2.0.3)
      ast (>= 1.1, < 3.0)
    power_assert (0.2.2)
    racc (1.5.2)
    rack (1.6.0)
    rack-test (0.6.3)
      rack (>= 1.0)
    ruby-protocol-buffers (1.5.1)
    rubyzip (1.1.7)
    selenium-webdriver (2.44.0)
      childprocess (~> 0.5)
      multi_json (~> 1.0)
      rubyzip (~> 1.0)
      websocket (~> 1.0)
    test-unit (3.0.9)
      power_assert
    thread_safe (0.3.4)
    tzinfo (1.2.2)
      thread_safe (~> 0.1)
    websocket (1.2.1)
    xpath (2.0.0)
      nokogiri (~> 1.3)

PLATFORMS
  ruby

DEPENDENCIES
  capypage (~> 0.2.7)
  gauge-ruby (~> 0.0.5)
  selenium-webdriver (~> 2.44.0)
  test-unit (~> 3.0.9)
